PATH
  remote: .
  specs:
    cocoapods-core (0.33.1)
      activesupport (>= 3.2.15)
      fuzzy_match (~> 2.0.4)
      json_pure (~> 1.8)
      nap (~> 0.5)

GEM
  remote: http://rubygems.org/
  specs:
    activesupport (3.2.18)
      i18n (~> 0.6, >= 0.6.4)
      multi_json (~> 1.0)
    addressable (2.3.6)
    awesome_print (1.2.0)
    bacon (1.2.0)
    coderay (1.1.0)
    crack (0.4.2)
      safe_yaml (~> 1.0.0)
    ffi (1.9.3)
    fuzzy_match (2.0.4)
    i18n (0.6.9)
    json_pure (1.8.1)
    kicker (3.0.0)
      listen (~> 1.3.0)
      notify (~> 0.5.2)
    listen (1.3.1)
      rb-fsevent (>= 0.9.3)
      rb-inotify (>= 0.9)
      rb-kqueue (>= 0.2)
    metaclass (0.0.4)
    method_source (0.8.2)
    mime-types (1.25.1)
    mocha (0.11.4)
      metaclass (~> 0.0.1)
    mocha-on-bacon (0.2.1)
      mocha (>= 0.9.8)
    multi_json (1.10.1)
    nap (0.7.0)
    notify (0.5.2)
    prettybacon (0.0.2)
      bacon (~> 1.2)
    pry (0.9.12.6)
      coderay (~> 1.0)
      method_source (~> 0.8)
      slop (~> 3.4)
    rake (10.3.2)
    rb-fsevent (0.9.4)
    rb-inotify (0.9.4)
      ffi (>= 0.5.0)
    rb-kqueue (0.2.2)
      ffi (>= 0.5.0)
    safe_yaml (1.0.3)
    slop (3.5.0)
    vcr (2.9.0)
    webmock (1.15.2)
      addressable (>= 2.2.7)
      crack (>= 0.3.2)

PLATFORMS
  ruby

DEPENDENCIES
  activesupport (< 4)
  awesome_print
  bacon
  cocoapods-core!
  kicker
  mime-types (< 2.0)
  mocha (~> 0.11.4)
  mocha-on-bacon
  prettybacon
  pry
  rake
  rb-fsevent
  vcr
  webmock (< 1.16)
