GEM
  remote: http://rubygems.org/
  specs:
    bacon (1.1.0)
    growl (1.0.3)
    guard (0.8.8)
      thor (~> 0.14.6)
    guard-bacon (1.0.2)
      guard (~> 0.8.4)
      schmurfy-bacon (~> 1.2)
    metaclass (0.0.1)
    mocha (0.10.4)
      metaclass (~> 0.0.1)
    mocha-on-bacon (0.2.0)
      mocha (>= 0.9.8)
    rake (0.9.2.2)
    rb-fsevent (0.9.0)
    schmurfy-bacon (1.2.1)
      term-ansicolor
    term-ansicolor (1.0.7)
    thor (0.14.6)

PLATFORMS
  ruby

DEPENDENCIES
  bacon
  growl
  guard
  guard-bacon
  mocha-on-bacon
  rake
  rb-fsevent
