GIT
  remote: https://github.com/alloy/kicker.git
  revision: 87b0047202c0320d4ef62e1f1a4b2cbdefadf008
  branch: 3.0.0
  specs:
    kicker (3.0.0)
      listen (~> 1.3.0)
      notify (~> 0.5.2)

GIT
  remote: https://github.com/irrationalfab/PrettyBacon.git
  revision: 926c214ade1ec1cbc9544d603e36f15a780f7e68
  branch: master
  specs:
    prettybacon (0.0.1)
      bacon (~> 1.2)

PATH
  remote: .
  specs:
    cocoapods-core (0.28.0)
      activesupport (>= 3.2.15, < 4)
      fuzzy_match (~> 2.0.4)
      json (~> 1.8)
      nap (~> 0.5)

GEM
  remote: http://rubygems.org/
  specs:
    activesupport (3.2.16)
      i18n (~> 0.6, >= 0.6.4)
      multi_json (~> 1.0)
    addressable (2.3.5)
    ast (1.1.0)
    awesome_print (1.2.0)
    bacon (1.2.0)
    coderay (1.1.0)
    coveralls (0.7.0)
      multi_json (~> 1.3)
      rest-client
      simplecov (>= 0.7)
      term-ansicolor
      thor
    crack (0.4.1)
      safe_yaml (~> 0.9.0)
    docile (1.1.1)
    ffi (1.9.3)
    fuzzy_match (2.0.4)
    github-markup (1.0.0)
    i18n (0.6.9)
    json (1.8.1)
    listen (1.3.1)
      rb-fsevent (>= 0.9.3)
      rb-inotify (>= 0.9)
      rb-kqueue (>= 0.2)
    metaclass (0.0.1)
    method_source (0.8.2)
    mime-types (1.25.1)
    mocha (0.11.4)
      metaclass (~> 0.0.1)
    mocha-on-bacon (0.2.1)
      mocha (>= 0.9.8)
    multi_json (1.8.2)
    nap (0.6.0)
    notify (0.5.2)
    parser (2.0.0)
      ast (~> 1.1)
      slop (~> 3.4, >= 3.4.5)
    posix-spawn (0.3.8)
    powerpack (0.0.9)
    pry (0.9.12.4)
      coderay (~> 1.0)
      method_source (~> 0.8)
      slop (~> 3.4)
    pygments.rb (0.5.4)
      posix-spawn (~> 0.3.6)
      yajl-ruby (~> 1.1.0)
    rainbow (1.1.4)
    rake (10.1.1)
    rb-fsevent (0.9.3)
    rb-inotify (0.9.3)
      ffi (>= 0.5.0)
    rb-kqueue (0.2.0)
      ffi (>= 0.5.0)
    redcarpet (3.0.0)
    rest-client (1.6.7)
      mime-types (>= 1.16)
    rubocop (0.15.0)
      parser (~> 2.0)
      powerpack (~> 0.0.6)
      rainbow (>= 1.1.4)
    safe_yaml (0.9.7)
    simplecov (0.8.2)
      docile (~> 1.1.0)
      multi_json
      simplecov-html (~> 0.8.0)
    simplecov-html (0.8.0)
    slop (3.4.7)
    term-ansicolor (1.2.2)
      tins (~> 0.8)
    thor (0.18.1)
    tins (0.13.1)
    vcr (2.8.0)
    webmock (1.16.1)
      addressable (>= 2.2.7)
      crack (>= 0.3.2)
    yajl-ruby (1.1.0)
    yard (0.8.7.3)

PLATFORMS
  ruby

DEPENDENCIES
  awesome_print
  bacon
  cocoapods-core!
  coveralls
  github-markup
  kicker!
  mime-types (< 2.0)
  mocha (~> 0.11.4)
  mocha-on-bacon
  prettybacon!
  pry
  pygments.rb
  rake
  rb-fsevent
  redcarpet
  rubocop
  vcr
  webmock
  yard
